GEM
  remote: https://rubygems.org/
  specs:
    json (1.8.0)
    mini_magick (3.6.0)
      subexec (~> 0.2.1)
    nokogiri (1.5.9)
    nokogiri (1.5.9-x86-mingw32)
    nokogirl (1.0)
      nokogiri
    rack (1.5.2)
    rack-protection (1.5.0)
      rack
    sinatra (1.4.2)
      rack (~> 1.5, >= 1.5.2)
      rack-protection (~> 1.4)
      tilt (~> 1.3, >= 1.3.4)
    subexec (0.2.3)
    tilt (1.4.1)

PLATFORMS
  ruby
  x86-mingw32

DEPENDENCIES
  json (= 1.8.0)
  mini_magick (= 3.6.0)
  nokogirl
  sinatra (= 1.4.2)
