GEM
  remote: https://rubygems.org/
  specs:
    cairo (1.12.6)
      pkg-config
    cairo (1.12.6-x86-mingw32)
      pkg-config
    json (1.8.0)
    pkg-config (1.1.4)
    rack (1.5.2)
    rack-protection (1.5.0)
      rack
    sinatra (1.4.2)
      rack (~> 1.5, >= 1.5.2)
      rack-protection (~> 1.4)
      tilt (~> 1.3, >= 1.3.4)
    tilt (1.4.1)

PLATFORMS
  ruby
  x86-mingw32

DEPENDENCIES
  cairo (>= 1.11.0)
  json (= 1.8.0)
  sinatra (= 1.4.2)
